PATH
  remote: .
  specs:
    jigit (0.1.0)
      claide (~> 1.0)
      cork (~> 0.1)
      jira-ruby (~> 1.0)
      ruby-keychain (~> 0.3)

GEM
  remote: https://rubygems.org/
  specs:
    activesupport (5.0.0.1)
      concurrent-ruby (~> 1.0, >= 1.0.2)
      i18n (~> 0.7)
      minitest (~> 5.1)
      tzinfo (~> 1.1)
    addressable (2.4.0)
    ast (2.3.0)
    builder (3.2.2)
    claide (1.0.1)
    claide-plugins (0.9.2)
      cork
      nap
      open4 (~> 1.3)
    colored (1.2)
    concurrent-ruby (1.0.2)
    corefoundation (0.2.0)
      ffi
    cork (0.2.0)
      colored (~> 1.2)
    crack (0.4.3)
      safe_yaml (~> 1.0.0)
    danger (4.0.0)
      claide (~> 1.0)
      claide-plugins (>= 0.9.2)
      colored (~> 1.2)
      cork (~> 0.1)
      faraday (~> 0.9)
      faraday-http-cache (~> 1.0)
      git (~> 1)
      kramdown (~> 1.5)
      octokit (~> 4.2)
      terminal-table (~> 1)
    danger-junit (0.7.1)
      danger (> 2.0)
      ox (~> 2.0)
    diff-lcs (1.2.5)
    docile (1.1.5)
    faraday (0.9.2)
      multipart-post (>= 1.2, < 3)
    faraday-http-cache (1.3.1)
      faraday (~> 0.8)
    ffi (1.9.14)
    git (1.3.0)
    hashdiff (0.3.0)
    i18n (0.7.0)
    jira-ruby (1.1.2)
      activesupport
      oauth (~> 0.5, >= 0.5.0)
    json (1.8.3)
    kramdown (1.12.0)
    minitest (5.9.1)
    multipart-post (2.0.0)
    nap (1.1.0)
    oauth (0.5.1)
    octokit (4.6.0)
      sawyer (~> 0.8.0, >= 0.5.3)
    open4 (1.3.4)
    ox (2.4.5)
    parser (2.3.1.4)
      ast (~> 2.2)
    powerpack (0.1.1)
    rainbow (2.1.0)
    rake (10.5.0)
    rspec (3.5.0)
      rspec-core (~> 3.5.0)
      rspec-expectations (~> 3.5.0)
      rspec-mocks (~> 3.5.0)
    rspec-core (3.5.4)
      rspec-support (~> 3.5.0)
    rspec-expectations (3.5.0)
      diff-lcs (>= 1.2.0, < 2.0)
      rspec-support (~> 3.5.0)
    rspec-mocks (3.5.0)
      diff-lcs (>= 1.2.0, < 2.0)
      rspec-support (~> 3.5.0)
    rspec-support (3.5.0)
    rspec_junit_formatter (0.2.3)
      builder (< 4)
      rspec-core (>= 2, < 4, != 2.12.0)
    rubocop (0.44.1)
      parser (>= 2.3.1.1, < 3.0)
      powerpack (~> 0.1)
      rainbow (>= 1.99.1, < 3.0)
      ruby-progressbar (~> 1.7)
      unicode-display_width (~> 1.0, >= 1.0.1)
    ruby-keychain (0.3.2)
      corefoundation (~> 0.2.0)
      ffi
    ruby-progressbar (1.8.1)
    safe_yaml (1.0.4)
    sawyer (0.8.0)
      addressable (>= 2.3.5, < 2.6)
      faraday (~> 0.8, < 0.10)
    simplecov (0.12.0)
      docile (~> 1.1.0)
      json (>= 1.8, < 3)
      simplecov-html (~> 0.10.0)
    simplecov-html (0.10.0)
    terminal-table (1.7.3)
      unicode-display_width (~> 1.1.1)
    thread_safe (0.3.5)
    tzinfo (1.2.2)
      thread_safe (~> 0.1)
    unicode-display_width (1.1.1)
    webmock (1.24.6)
      addressable (>= 2.3.6)
      crack (>= 0.3.2)
      hashdiff

PLATFORMS
  ruby

DEPENDENCIES
  bundler (~> 1.3)
  danger (~> 4.0)
  danger-junit (~> 0.7)
  jigit!
  rake (~> 10.3, >= 10.3.2)
  rspec (~> 3.0, >= 3.0.0)
  rspec_junit_formatter (~> 0.2)
  rubocop (~> 0.42)
  simplecov (~> 0.12.0)
  webmock (~> 1.18, >= 1.18.0)

BUNDLED WITH
   1.13.2
