PATH
  remote: .
  specs:
    jigit (0.1.0)
      claide (~> 1.0)
      cork (~> 0.1)
      jira-ruby (~> 1.0)
      ruby-keychain (~> 0.3)

GEM
  remote: https://rubygems.org/
  specs:
    activesupport (5.0.0.1)
      concurrent-ruby (~> 1.0, >= 1.0.2)
      i18n (~> 0.7)
      minitest (~> 5.1)
      tzinfo (~> 1.1)
    addressable (2.4.0)
    ast (2.3.0)
    claide (1.0.1)
    colored (1.2)
    concurrent-ruby (1.0.2)
    corefoundation (0.2.0)
      ffi
    cork (0.2.0)
      colored (~> 1.2)
    crack (0.4.3)
      safe_yaml (~> 1.0.0)
    diff-lcs (1.2.5)
    ffi (1.9.14)
    hashdiff (0.3.0)
    i18n (0.7.0)
    jira-ruby (1.1.2)
      activesupport
      oauth (~> 0.5, >= 0.5.0)
    minitest (5.9.1)
    oauth (0.5.1)
    parser (2.3.1.4)
      ast (~> 2.2)
    powerpack (0.1.1)
    rainbow (2.1.0)
    rake (10.5.0)
    rspec (3.5.0)
      rspec-core (~> 3.5.0)
      rspec-expectations (~> 3.5.0)
      rspec-mocks (~> 3.5.0)
    rspec-core (3.5.4)
      rspec-support (~> 3.5.0)
    rspec-expectations (3.5.0)
      diff-lcs (>= 1.2.0, < 2.0)
      rspec-support (~> 3.5.0)
    rspec-mocks (3.5.0)
      diff-lcs (>= 1.2.0, < 2.0)
      rspec-support (~> 3.5.0)
    rspec-support (3.5.0)
    rubocop (0.44.1)
      parser (>= 2.3.1.1, < 3.0)
      powerpack (~> 0.1)
      rainbow (>= 1.99.1, < 3.0)
      ruby-progressbar (~> 1.7)
      unicode-display_width (~> 1.0, >= 1.0.1)
    ruby-keychain (0.3.2)
      corefoundation (~> 0.2.0)
      ffi
    ruby-progressbar (1.8.1)
    safe_yaml (1.0.4)
    thread_safe (0.3.5)
    tzinfo (1.2.2)
      thread_safe (~> 0.1)
    unicode-display_width (1.1.1)
    webmock (1.24.6)
      addressable (>= 2.3.6)
      crack (>= 0.3.2)
      hashdiff

PLATFORMS
  ruby

DEPENDENCIES
  bundler (~> 1.3)
  jigit!
  rake (~> 10.3, >= 10.3.2)
  rspec (~> 3.0, >= 3.0.0)
  rubocop (~> 0.42)
  webmock (~> 1.18, >= 1.18.0)

BUNDLED WITH
   1.13.2
